GEM
  remote: http://rubygems.org/
  specs:
    amqp (0.6.7)
      eventmachine (>= 0.12.4)
    builder (3.1.3)
    cucumber (1.2.1)
      builder (>= 2.1.2)
      diff-lcs (>= 1.1.3)
      gherkin (~> 2.11.0)
      json (>= 1.4.6)
    cucumber-nagios (0.9.2)
      amqp (= 0.6.7)
      bundler (~> 1.0.7)
      cucumber (>= 0.10.0)
      mechanize (= 1.0.0)
      net-ssh (~> 2.1.0)
      rspec (>= 2.3.0)
      templater (>= 1.0.0)
      webrat (= 0.7.2)
    diff-lcs (1.1.3)
    eventmachine (1.0.0)
    extlib (0.9.15)
    gherkin (2.11.2)
      json (>= 1.4.6)
    highline (1.6.15)
    json (1.7.5)
    mechanize (1.0.0)
      nokogiri (>= 1.2.1)
    net-ssh (2.1.4)
    nokogiri (1.5.5)
    rack (1.4.1)
    rack-test (0.6.1)
      rack (>= 1.0)
    rspec (2.11.0)
      rspec-core (~> 2.11.0)
      rspec-expectations (~> 2.11.0)
      rspec-mocks (~> 2.11.0)
    rspec-core (2.11.1)
    rspec-expectations (2.11.3)
      diff-lcs (~> 1.1.3)
    rspec-mocks (2.11.3)
    templater (1.0.0)
      diff-lcs (>= 1.1.2)
      extlib (>= 0.9.5)
      highline (>= 1.4.0)
    webrat (0.7.2)
      nokogiri (>= 1.2.0)
      rack (>= 1.0)
      rack-test (>= 0.5.3)

PLATFORMS
  ruby

DEPENDENCIES
  cucumber-nagios
